PATH
  remote: .
  specs:
    roo (1.13.2)
      nokogiri
      rubyzip
      spreadsheet (> 0.6.4)

GEM
  remote: http://rubygems.org/
  specs:
    addressable (2.3.5)
    crack (0.4.1)
      safe_yaml (~> 0.9.0)
    diff-lcs (1.2.5)
    faraday (0.8.7)
      multipart-post (~> 1.1)
    google_drive (0.3.6)
      nokogiri (>= 1.4.4, != 1.5.2, != 1.5.1)
      oauth (>= 0.3.6)
      oauth2 (>= 0.5.0)
    httpauth (0.2.0)
    jwt (0.1.8)
      multi_json (>= 1.5)
    multi_json (1.7.3)
    multi_xml (0.5.3)
    multipart-post (1.2.0)
    nokogiri (1.5.6)
    nokogiri (1.5.6-java)
    oauth (0.4.7)
    oauth2 (0.9.1)
      faraday (~> 0.8)
      httpauth (~> 0.1)
      jwt (~> 0.1.4)
      multi_json (~> 1.0)
      multi_xml (~> 0.5)
      rack (~> 1.2)
    rack (1.5.2)
    rake (10.3.2)
    rspec (2.14.1)
      rspec-core (~> 2.14.0)
      rspec-expectations (~> 2.14.0)
      rspec-mocks (~> 2.14.0)
    rspec-core (2.14.7)
    rspec-expectations (2.14.4)
      diff-lcs (>= 1.1.3, < 2.0)
    rspec-mocks (2.14.4)
    ruby-ole (1.2.11.6)
    rubyzip (1.1.0)
    safe_yaml (0.9.4)
    shoulda (3.0.1)
      shoulda-context (~> 1.0.0)
      shoulda-matchers (~> 1.0.0)
    shoulda-context (1.0.0)
    shoulda-matchers (1.0.0)
    spreadsheet (0.8.2)
      ruby-ole (>= 1.0)
    vcr (2.5.0)
    webmock (1.13.0)
      addressable (>= 2.2.7)
      crack (>= 0.3.2)

PLATFORMS
  java
  ruby

DEPENDENCIES
  bundler (~> 1.7)
  google_drive
  rake (~> 10.0)
  roo!
  rspec (>= 2.14)
  shoulda
  vcr
  webmock
